GEM
  remote: http://rubygems.org/
  specs:
    activesupport (3.0.3)
    builder (3.0.0)
    curb (0.7.10)
    feedzirra (0.0.24)
      activesupport (>= 2.3.8)
      builder (>= 2.1.2)
      curb (>= 0.2.3)
      loofah (>= 0.3.1)
      nokogiri (> 0.0.0)
      sax-machine (>= 0.0.12)
    loofah (1.0.0)
      nokogiri (>= 1.3.3)
    nokogiri (1.4.4)
    sax-machine (0.0.16)
      nokogiri (> 0.0.0)
    simpleconsole (0.1.1)

PLATFORMS
  ruby

DEPENDENCIES
  feedzirra
  simpleconsole
