GEM
  remote: http://rubygems.org/
  specs:
    activesupport (3.0.7)
    arrayfields (4.7.4)
    builder (3.0.0)
    curb (0.7.15)
    fattr (2.2.0)
    feedzirra (0.0.24)
      activesupport (>= 2.3.8)
      builder (>= 2.1.2)
      curb (>= 0.2.3)
      loofah (>= 0.3.1)
      nokogiri (> 0.0.0)
      sax-machine (>= 0.0.12)
    i18n (0.5.0)
    loofah (1.0.0)
      nokogiri (>= 1.3.3)
    main (4.4.0)
      arrayfields (>= 4.7.4)
      fattr (>= 2.1.0)
    nokogiri (1.4.4)
    sax-machine (0.0.16)
      nokogiri (> 0.0.0)

PLATFORMS
  ruby

DEPENDENCIES
  feedzirra
  i18n
  main
